GEM
  remote: https://rubygems.org/
  specs:
    dotenv (2.6.0)
    git (1.5.0)
    mustermann (1.0.3)
    mysql2 (0.5.2)
    rack (2.0.6)
    rack-protection (2.0.5)
      rack
    rsync (1.0.9)
    sinatra (2.0.5)
      mustermann (~> 1.0)
      rack (~> 2.0)
      rack-protection (= 2.0.5)
      tilt (~> 2.0)
    sudo (0.2.0)
    tilt (2.0.9)

PLATFORMS
  ruby

DEPENDENCIES
  dotenv (~> 2.6)
  git
  mysql2 (~> 0.5.2)
  rsync
  sinatra (~> 2.0)
  sudo

BUNDLED WITH
   1.17.2
